PATH
  remote: .
  specs:
    obviously-valid-dependencies (0.0.1)

GEM
  remote: https://rubygems.org/
  specs:
    rake (10.4.2)

PLATFORMS
  ruby

DEPENDENCIES
  bundler (~> 1.7)
  obviously-valid-dependencies!
  rake (~> 10.0)
